GEM
  remote: https://rubygems.org/
  specs:
    analytics-ruby (2.0.11)
    daemon_controller (1.2.0)
    passenger (5.0.0.beta1)
      daemon_controller (>= 1.2.0)
      rack
      rake (>= 0.8.1)
    rack (1.5.2)
    rack-protection (1.5.3)
      rack
    rake (10.4.2)
    sinatra (1.4.5)
      rack (~> 1.4)
      rack-protection (~> 1.4)
      tilt (~> 1.3, >= 1.3.4)
    tilt (1.4.1)

PLATFORMS
  ruby

DEPENDENCIES
  analytics-ruby (~> 2.0.0)
  passenger (~> 5.0.0.beta1)
  sinatra
