GEM
  remote: https://rubygems.org/
  specs:
    analytics-ruby (2.0.11)
    backports (3.6.4)
    daemon_controller (1.2.0)
    multi_json (1.10.1)
    passenger (5.0.0.beta1)
      daemon_controller (>= 1.2.0)
      rack
      rake (>= 0.8.1)
    rack (1.5.2)
    rack-protection (1.5.3)
      rack
    rack-test (0.6.2)
      rack (>= 1.0)
    rake (10.4.2)
    sinatra (1.4.5)
      rack (~> 1.4)
      rack-protection (~> 1.4)
      tilt (~> 1.3, >= 1.3.4)
    sinatra-contrib (1.4.2)
      backports (>= 2.0)
      multi_json
      rack-protection
      rack-test
      sinatra (~> 1.4.0)
      tilt (~> 1.3)
    tilt (1.4.1)

PLATFORMS
  ruby

DEPENDENCIES
  analytics-ruby (~> 2.0.0)
  passenger (~> 5.0.0.beta1)
  sinatra
  sinatra-contrib
